GIT
  remote: git://github.com/norman/friendly_id.git
  revision: b7d2b0c0d2095e6091e1fae0ea2bd032a7406ea1
  branch: master
  specs:
    friendly_id (5.0.2)
      activerecord (>= 4.0.0)

GEM
  remote: https://rubygems.org/
  specs:
    actionmailer (4.1.0.beta1)
      actionpack (= 4.1.0.beta1)
      actionview (= 4.1.0.beta1)
      mail (~> 2.5.4)
    actionpack (4.1.0.beta1)
      actionview (= 4.1.0.beta1)
      activesupport (= 4.1.0.beta1)
      rack (~> 1.5.2)
      rack-test (~> 0.6.2)
    actionview (4.1.0.beta1)
      activesupport (= 4.1.0.beta1)
      builder (~> 3.1)
      erubis (~> 2.7.0)
    activemodel (4.1.0.beta1)
      activesupport (= 4.1.0.beta1)
      builder (~> 3.1)
    activerecord (4.1.0.beta1)
      activemodel (= 4.1.0.beta1)
      activesupport (= 4.1.0.beta1)
      arel (~> 5.0.0)
    activesupport (4.1.0.beta1)
      i18n (~> 0.6, >= 0.6.9)
      json (~> 1.7, >= 1.7.7)
      minitest (~> 5.1)
      thread_safe (~> 0.1)
      tzinfo (~> 1.1)
    addressable (2.3.5)
    arel (5.0.0)
    atomic (1.1.14)
    bcrypt-ruby (3.1.2)
    bootstrap-sass (3.0.3.0)
      sass (~> 3.2)
    builder (3.2.2)
    capistrano (3.1.0)
      i18n
      rake (>= 10.0.0)
      sshkit (~> 1.3)
    capistrano-bundler (1.1.2)
      capistrano (~> 3.0)
      sshkit (~> 1.2)
    capistrano-rails (1.1.1)
      capistrano (~> 3.1)
      capistrano-bundler (~> 1.1)
    capistrano-rbenv (2.0.2)
      capistrano (~> 3.1)
      sshkit (~> 1.3)
    capybara (2.2.0)
      mime-types (>= 1.16)
      nokogiri (>= 1.3.3)
      rack (>= 1.0.0)
      rack-test (>= 0.5.4)
      xpath (~> 2.0)
    celluloid (0.15.2)
      timers (~> 1.1.0)
    childprocess (0.4.0)
      ffi (~> 1.0, >= 1.0.11)
    coderay (1.1.0)
    coffee-rails (4.0.1)
      coffee-script (>= 2.2.0)
      railties (>= 4.0.0, < 5.0)
    coffee-script (2.2.0)
      coffee-script-source
      execjs
    coffee-script-source (1.6.3)
    columnize (0.3.6)
    database_cleaner (1.2.0)
    debugger (1.6.5)
      columnize (>= 0.3.1)
      debugger-linecache (~> 1.2.0)
      debugger-ruby_core_source (~> 1.3.1)
    debugger-linecache (1.2.0)
    debugger-ruby_core_source (1.3.1)
    diff-lcs (1.2.5)
    erubis (2.7.0)
    execjs (2.0.2)
    factory_girl (4.3.0)
      activesupport (>= 3.0.0)
    factory_girl_rails (4.3.0)
      factory_girl (~> 4.3.0)
      railties (>= 3.0.0)
    faker (1.2.0)
      i18n (~> 0.5)
    ffi (1.9.3)
    formatador (0.2.4)
    guard (2.3.0)
      formatador (>= 0.2.4)
      listen (~> 2.1)
      lumberjack (~> 1.0)
      pry (>= 0.9.12)
      thor (>= 0.18.1)
    guard-jasmine (1.19.0)
      childprocess
      guard (>= 2.0.0)
      multi_json
      thor
      tilt
    guard-rspec (4.2.5)
      guard (~> 2.1)
      rspec (>= 2.14, < 4.0)
    hike (1.2.3)
    i18n (0.6.9)
    jasmine-core (1.3.1)
    jasmine-rails (0.5.4)
      jasmine-core (~> 1.3)
      phantomjs
      rails (>= 3.1.0)
      sprockets-rails
    jquery-rails (3.0.4)
      railties (>= 3.0, < 5.0)
      thor (>= 0.14, < 2.0)
    json (1.8.1)
    launchy (2.4.2)
      addressable (~> 2.3)
    listen (2.4.0)
      celluloid (>= 0.15.2)
      rb-fsevent (>= 0.9.3)
      rb-inotify (>= 0.9)
    lumberjack (1.0.4)
    mail (2.5.4)
      mime-types (~> 1.16)
      treetop (~> 1.4.8)
    method_source (0.8.2)
    mime-types (1.25.1)
    mini_portile (0.5.2)
    minitest (5.2.1)
    multi_json (1.8.2)
    net-scp (1.1.2)
      net-ssh (>= 2.6.5)
    net-ssh (2.8.0)
    nokogiri (1.6.1)
      mini_portile (~> 0.5.0)
    pg (0.17.1)
    phantomjs (1.9.2.1)
    polyglot (0.3.3)
    pry (0.9.12.4)
      coderay (~> 1.0)
      method_source (~> 0.8)
      slop (~> 3.4)
    pry-debugger (0.2.2)
      debugger (~> 1.3)
      pry (~> 0.9.10)
    pry-rails (0.3.2)
      pry (>= 0.9.10)
    rack (1.5.2)
    rack-test (0.6.2)
      rack (>= 1.0)
    rails (4.1.0.beta1)
      actionmailer (= 4.1.0.beta1)
      actionpack (= 4.1.0.beta1)
      actionview (= 4.1.0.beta1)
      activemodel (= 4.1.0.beta1)
      activerecord (= 4.1.0.beta1)
      activesupport (= 4.1.0.beta1)
      bundler (>= 1.3.0, < 2.0)
      railties (= 4.1.0.beta1)
      sprockets-rails (~> 2.0.0)
    railties (4.1.0.beta1)
      actionpack (= 4.1.0.beta1)
      activesupport (= 4.1.0.beta1)
      rake (>= 0.8.7)
      thor (>= 0.18.1, < 2.0)
    rake (13.0.1)
    rb-fsevent (0.9.4)
    rb-inotify (0.9.3)
      ffi (>= 0.5.0)
    redcarpet (3.0.0)
    rspec (2.14.1)
      rspec-core (~> 2.14.0)
      rspec-expectations (~> 2.14.0)
      rspec-mocks (~> 2.14.0)
    rspec-core (2.14.7)
    rspec-expectations (2.14.4)
      diff-lcs (>= 1.1.3, < 2.0)
    rspec-mocks (2.14.4)
    rspec-rails (2.14.0)
      actionpack (>= 3.0)
      activesupport (>= 3.0)
      railties (>= 3.0)
      rspec-core (~> 2.14.0)
      rspec-expectations (~> 2.14.0)
      rspec-mocks (~> 2.14.0)
    rubyzip (1.1.0)
    sass (3.2.13)
    sass-rails (4.0.1)
      railties (>= 4.0.0, < 5.0)
      sass (>= 3.1.10)
      sprockets-rails (~> 2.0.0)
    selenium-webdriver (2.39.0)
      childprocess (>= 0.2.5)
      multi_json (~> 1.0)
      rubyzip (~> 1.0)
      websocket (~> 1.0.4)
    shoulda-matchers (2.4.0)
      activesupport (>= 3.0.0)
    simple_form (3.0.1)
      actionpack (>= 4.0.0, < 4.1)
      activemodel (>= 4.0.0, < 4.1)
    slop (3.4.7)
    spring (1.0.0)
    sprockets (2.10.1)
      hike (~> 1.2)
      multi_json (~> 1.0)
      rack (~> 1.0)
      tilt (~> 1.1, != 1.3.0)
    sprockets-rails (2.0.1)
      actionpack (>= 3.0)
      activesupport (>= 3.0)
      sprockets (~> 2.8)
    sshkit (1.3.0)
      net-scp (>= 1.1.2)
      net-ssh
      term-ansicolor
    term-ansicolor (1.2.2)
      tins (~> 0.8)
    thor (0.18.1)
    thread_safe (0.1.3)
      atomic
    tilt (1.4.1)
    timers (1.1.0)
    tins (0.13.2)
    treetop (1.4.15)
      polyglot
      polyglot (>= 0.3.1)
    turbolinks (2.1.0)
      coffee-rails
    tzinfo (1.1.0)
      thread_safe (~> 0.1)
    uglifier (2.4.0)
      execjs (>= 0.3.0)
      json (>= 1.8.0)
    websocket (1.0.7)
    xpath (2.0.0)
      nokogiri (~> 1.3)

PLATFORMS
  ruby

DEPENDENCIES
  bcrypt-ruby (~> 3.1.2)
  bootstrap-sass (~> 3.0.3.0)
  capistrano (~> 3.1.0)
  capistrano-bundler
  capistrano-rails (~> 1.1.0)
  capistrano-rbenv (~> 2.0)
  capybara (~> 2.2.0)
  coderay (~> 1.1.0)
  coffee-rails (~> 4.0.0)
  database_cleaner (~> 1.2.0)
  factory_girl_rails (~> 4.3.0)
  faker (~> 1.2.0)
  friendly_id!
  guard-jasmine
  guard-rspec
  jasmine-rails
  jquery-rails (~> 3.0.4)
  launchy
  minitest
  pg (~> 0.17.1)
  pry-debugger
  pry-rails (~> 0.3.2)
  rails (= 4.1.0.beta1)
  redcarpet (~> 3.0.0)
  rspec (~> 2.14.1)
  rspec-rails (~> 2.14.0)
  sass-rails (~> 4.0.0.rc1)
  selenium-webdriver
  shoulda-matchers (~> 2.4.0)
  simple_form (~> 3.0.1)
  spring (~> 1.0.0)
  turbolinks (~> 2.1.0)
  uglifier (>= 1.3.0)
